PATH
  remote: bosh-dev
  specs:
    bosh-dev (0.0.0)
      bosh-stemcell
      bundler
      fog-aws (~> 0.7.6)

PATH
  remote: bosh-stemcell
  specs:
    bosh-stemcell (0.0.0)

GEM
  remote: https://rubygems.org/
  specs:
    bosh-core (1.3262.24.0)
      gibberish (~> 1.4.0)
      yajl-ruby (~> 1.2.0)
    builder (3.2.3)
    diff-lcs (1.3)
    excon (0.55.0)
    fog-aws (0.7.6)
      fog-core (~> 1.27)
      fog-json (~> 1.0)
      fog-xml (~> 0.1)
      ipaddress (~> 0.8)
    fog-core (1.43.0)
      builder
      excon (~> 0.49)
      formatador (~> 0.2)
    fog-json (1.0.2)
      fog-core (~> 1.0)
      multi_json (~> 1.10)
    fog-xml (0.1.2)
      fog-core
      nokogiri (~> 1.5, >= 1.5.11)
    formatador (0.2.5)
    gibberish (1.4.0)
    ipaddress (0.8.3)
    little-plugger (1.1.4)
    logging (2.1.0)
      little-plugger (~> 1.1)
      multi_json (~> 1.10)
    mini_portile2 (2.1.0)
    multi_json (1.12.1)
    net-scp (1.2.1)
      net-ssh (>= 2.6.5)
    net-ssh (4.1.0)
    net-telnet (0.1.1)
    nokogiri (1.7.0.1)
      mini_portile2 (~> 2.1.0)
    rake (10.5.0)
    rspec (3.0.0)
      rspec-core (~> 3.0.0)
      rspec-expectations (~> 3.0.0)
      rspec-mocks (~> 3.0.0)
    rspec-core (3.0.4)
      rspec-support (~> 3.0.0)
    rspec-expectations (3.0.4)
      diff-lcs (>= 1.2.0, < 2.0)
      rspec-support (~> 3.0.0)
    rspec-instafail (1.0.0)
      rspec
    rspec-its (1.0.1)
      rspec-core (>= 2.99.0.beta1)
      rspec-expectations (>= 2.99.0.beta1)
    rspec-mocks (3.0.4)
      rspec-support (~> 3.0.0)
    rspec-support (3.0.4)
    serverspec (2.36.0)
      multi_json
      rspec (~> 3.0)
      rspec-its
      specinfra (~> 2.53)
    sfl (2.3)
    specinfra (2.67.1)
      net-scp
      net-ssh (>= 2.7, < 5.0)
      net-telnet
      sfl
    yajl-ruby (1.2.1)

PLATFORMS
  ruby

DEPENDENCIES
  bosh-core
  bosh-dev!
  bosh-stemcell!
  logging
  rake (~> 10.0)
  rspec
  rspec-instafail
  rspec-its
  serverspec (~> 2.36.0)

BUNDLED WITH
   1.11.2
